GEM
  remote: http://rubygems.org/
  specs:
    ansi (1.2.5)
    git (1.2.5)
    jeweler (1.5.2)
      bundler (~> 1.0.0)
      git (>= 1.2.5)
      rake
    mocha (0.9.12)
    rake (0.9.2)
    rcov (0.9.9)
    shoulda (2.11.3)
    turn (0.8.2)
      ansi (>= 1.2.2)

PLATFORMS
  ruby

DEPENDENCIES
  bundler (~> 1.0.0)
  jeweler (~> 1.5.2)
  mocha
  rcov
  shoulda
  turn
